STORAGE: NONE
NUGET
  remote: https://api.nuget.org/v3/index.json
    FSharp.Core (8.0.301) - restriction: >= netstandard2.0
    FSToolkit.ErrorHandling (4.16)
      FSharp.Core (>= 4.7.2) - restriction: && (>= netstandard2.0) (< netstandard2.1)
      FSharp.Core (>= 7.0.300) - restriction: >= netstandard2.1
